GEM
  remote: https://rubygems.org/
  specs:
    builder (3.2.4)
    coderay (1.1.3)
    erubis (2.7.0)
    method_source (1.0.0)
    pry (0.13.1)
      coderay (~> 1.1)
      method_source (~> 1.0)
    rexml (3.2.4)
    rss (0.2.9)
      rexml
    sitemap_generator (6.1.2)
      builder (~> 3.0)

PLATFORMS
  ruby

DEPENDENCIES
  erubis
  pry
  rss
  sitemap_generator

BUNDLED WITH
   2.1.4
